GEM
  remote: https://rubygems.org/
  specs:
    git (1.5.0)
    rexml (3.2.0)

PLATFORMS
  ruby

DEPENDENCIES
  git!
  rexml!

BUNDLED WITH
   1.17.2
